STORAGE: NONE
STRATEGY: MIN
RESTRICTION: || (== netcoreapp2.1) (== netcoreapp3.1) (== netstandard2.0)
NUGET
  remote: https://api.nuget.org/v3/index.json
    FSharp.Core (4.3.4)
    HtmlAgilityPack (1.7.1)
      System.Net.Http (>= 4.3.2)
      System.Xml.XmlDocument (>= 4.3)
      System.Xml.XPath (>= 4.3)
      System.Xml.XPath.XmlDocument (>= 4.3)
    Microsoft.AspNetCore (2.1)
      Microsoft.AspNetCore.Diagnostics (>= 2.1)
      Microsoft.AspNetCore.HostFiltering (>= 2.1)
      Microsoft.AspNetCore.Hosting (>= 2.1)
      Microsoft.AspNetCore.Routing (>= 2.1)
      Microsoft.AspNetCore.Server.IISIntegration (>= 2.1)
      Microsoft.AspNetCore.Server.Kestrel (>= 2.1)
      Microsoft.AspNetCore.Server.Kestrel.Https (>= 2.1)
      Microsoft.Extensions.Configuration.CommandLine (>= 2.1)
      Microsoft.Extensions.Configuration.EnvironmentVariables (>= 2.1)
      Microsoft.Extensions.Configuration.FileExtensions (>= 2.1)
      Microsoft.Extensions.Configuration.Json (>= 2.1)
      Microsoft.Extensions.Configuration.UserSecrets (>= 2.1)
      Microsoft.Extensions.Logging (>= 2.1)
      Microsoft.Extensions.Logging.Configuration (>= 2.1)
      Microsoft.Extensions.Logging.Console (>= 2.1)
      Microsoft.Extensions.Logging.Debug (>= 2.1)
    Microsoft.AspNetCore.Authentication (2.1)
      Microsoft.AspNetCore.Authentication.Core (>= 2.1)
      Microsoft.AspNetCore.DataProtection (>= 2.1)
      Microsoft.AspNetCore.Http (>= 2.1)
      Microsoft.AspNetCore.Http.Extensions (>= 2.1)
      Microsoft.Extensions.Logging.Abstractions (>= 2.1)
      Microsoft.Extensions.Options (>= 2.1)
      Microsoft.Extensions.WebEncoders (>= 2.1)
    Microsoft.AspNetCore.Authentication.Abstractions (2.1)
      Microsoft.AspNetCore.Http.Abstractions (>= 2.1)
      Microsoft.Extensions.Logging.Abstractions (>= 2.1)
      Microsoft.Extensions.Options (>= 2.1)
    Microsoft.AspNetCore.Authentication.Cookies (2.1)
      Microsoft.AspNetCore.Authentication (>= 2.1)
    Microsoft.AspNetCore.Authentication.Core (2.1)
      Microsoft.AspNetCore.Authentication.Abstractions (>= 2.1)
      Microsoft.AspNetCore.Http (>= 2.1)
      Microsoft.AspNetCore.Http.Extensions (>= 2.1)
    Microsoft.AspNetCore.Authorization (2.1)
      Microsoft.Extensions.Logging.Abstractions (>= 2.1)
      Microsoft.Extensions.Options (>= 2.1)
    Microsoft.AspNetCore.Authorization.Policy (2.1)
      Microsoft.AspNetCore.Authentication.Abstractions (>= 2.1)
      Microsoft.AspNetCore.Authorization (>= 2.1)
    Microsoft.AspNetCore.Connections.Abstractions (2.1)
      Microsoft.AspNetCore.Http.Features (>= 2.1)
      System.IO.Pipelines (>= 4.5)
    Microsoft.AspNetCore.Cryptography.Internal (2.1)
    Microsoft.AspNetCore.DataProtection (2.1)
      Microsoft.AspNetCore.Cryptography.Internal (>= 2.1)
      Microsoft.AspNetCore.DataProtection.Abstractions (>= 2.1)
      Microsoft.AspNetCore.Hosting.Abstractions (>= 2.1)
      Microsoft.Extensions.DependencyInjection.Abstractions (>= 2.1)
      Microsoft.Extensions.Logging.Abstractions (>= 2.1)
      Microsoft.Extensions.Options (>= 2.1)
      Microsoft.Win32.Registry (>= 4.5)
      System.Security.Cryptography.Xml (>= 4.5)
      System.Security.Principal.Windows (>= 4.5)
    Microsoft.AspNetCore.DataProtection.Abstractions (2.1)
    Microsoft.AspNetCore.Diagnostics (2.1)
      Microsoft.AspNetCore.Diagnostics.Abstractions (>= 2.1)
      Microsoft.AspNetCore.Hosting.Abstractions (>= 2.1)
      Microsoft.AspNetCore.Http.Extensions (>= 2.1)
      Microsoft.AspNetCore.WebUtilities (>= 2.1)
      Microsoft.Extensions.FileProviders.Physical (>= 2.1)
      Microsoft.Extensions.Logging.Abstractions (>= 2.1)
      Microsoft.Extensions.Options (>= 2.1)
      System.Diagnostics.DiagnosticSource (>= 4.5)
      System.Reflection.Metadata (>= 1.6)
    Microsoft.AspNetCore.Diagnostics.Abstractions (2.1)
    Microsoft.AspNetCore.HostFiltering (2.1)
      Microsoft.AspNetCore.Hosting.Abstractions (>= 2.1)
      Microsoft.AspNetCore.Http (>= 2.1)
      Microsoft.AspNetCore.Http.Extensions (>= 2.1)
      Microsoft.Extensions.Options (>= 2.1)
    Microsoft.AspNetCore.Hosting (2.1)
      Microsoft.AspNetCore.Hosting.Abstractions (>= 2.1)
      Microsoft.AspNetCore.Http (>= 2.1)
      Microsoft.AspNetCore.Http.Extensions (>= 2.1)
      Microsoft.Extensions.Configuration (>= 2.1)
      Microsoft.Extensions.Configuration.EnvironmentVariables (>= 2.1)
      Microsoft.Extensions.Configuration.FileExtensions (>= 2.1)
      Microsoft.Extensions.DependencyInjection (>= 2.1)
      Microsoft.Extensions.FileProviders.Physical (>= 2.1)
      Microsoft.Extensions.Hosting.Abstractions (>= 2.1)
      Microsoft.Extensions.Logging (>= 2.1)
      Microsoft.Extensions.Options (>= 2.1)
      System.Diagnostics.DiagnosticSource (>= 4.5)
      System.Reflection.Metadata (>= 1.6)
    Microsoft.AspNetCore.Hosting.Abstractions (2.1)
      Microsoft.AspNetCore.Hosting.Server.Abstractions (>= 2.1)
      Microsoft.AspNetCore.Http.Abstractions (>= 2.1)
      Microsoft.Extensions.Hosting.Abstractions (>= 2.1)
    Microsoft.AspNetCore.Hosting.Server.Abstractions (2.1)
      Microsoft.AspNetCore.Http.Features (>= 2.1)
      Microsoft.Extensions.Configuration.Abstractions (>= 2.1)
    Microsoft.AspNetCore.Http (2.1)
      Microsoft.AspNetCore.Http.Abstractions (>= 2.1)
      Microsoft.AspNetCore.WebUtilities (>= 2.1)
      Microsoft.Extensions.ObjectPool (>= 2.1)
      Microsoft.Extensions.Options (>= 2.1)
      Microsoft.Net.Http.Headers (>= 2.1)
    Microsoft.AspNetCore.Http.Abstractions (2.1)
      Microsoft.AspNetCore.Http.Features (>= 2.1)
      System.Text.Encodings.Web (>= 4.5)
    Microsoft.AspNetCore.Http.Connections (1.0)
      Microsoft.AspNetCore.Authorization.Policy (>= 2.1)
      Microsoft.AspNetCore.Hosting.Abstractions (>= 2.1)
      Microsoft.AspNetCore.Http (>= 2.1)
      Microsoft.AspNetCore.Http.Connections.Common (>= 1.0)
      Microsoft.AspNetCore.Routing (>= 2.1)
      Microsoft.AspNetCore.WebSockets (>= 2.1)
      Newtonsoft.Json (>= 11.0.2)
    Microsoft.AspNetCore.Http.Connections.Common (1.0)
      Microsoft.AspNetCore.Connections.Abstractions (>= 2.1)
      Newtonsoft.Json (>= 11.0.2)
      System.Buffers (>= 4.5)
    Microsoft.AspNetCore.Http.Extensions (2.1)
      Microsoft.AspNetCore.Http.Abstractions (>= 2.1)
      Microsoft.Extensions.FileProviders.Abstractions (>= 2.1)
      Microsoft.Net.Http.Headers (>= 2.1)
      System.Buffers (>= 4.5)
    Microsoft.AspNetCore.Http.Features (2.1)
      Microsoft.Extensions.Primitives (>= 2.1)
    Microsoft.AspNetCore.HttpOverrides (2.1)
      Microsoft.AspNetCore.Http.Extensions (>= 2.1)
      Microsoft.Extensions.Logging.Abstractions (>= 2.1)
      Microsoft.Extensions.Options (>= 2.1)
    Microsoft.AspNetCore.Routing (2.1)
      Microsoft.AspNetCore.Http.Extensions (>= 2.1)
      Microsoft.AspNetCore.Routing.Abstractions (>= 2.1)
      Microsoft.Extensions.Logging.Abstractions (>= 2.1)
      Microsoft.Extensions.ObjectPool (>= 2.1)
      Microsoft.Extensions.Options (>= 2.1)
    Microsoft.AspNetCore.Routing.Abstractions (2.1)
      Microsoft.AspNetCore.Http.Abstractions (>= 2.1)
    Microsoft.AspNetCore.Server.IISIntegration (2.1)
      Microsoft.AspNetCore.Authentication.Core (>= 2.1)
      Microsoft.AspNetCore.Hosting.Abstractions (>= 2.1)
      Microsoft.AspNetCore.Http (>= 2.1)
      Microsoft.AspNetCore.Http.Extensions (>= 2.1)
      Microsoft.AspNetCore.HttpOverrides (>= 2.1)
      Microsoft.Extensions.Logging.Abstractions (>= 2.1)
      Microsoft.Extensions.Options (>= 2.1)
      System.Buffers (>= 4.5)
      System.IO.Pipelines (>= 4.5)
      System.Memory (>= 4.5)
      System.Numerics.Vectors (>= 4.5)
      System.Runtime.CompilerServices.Unsafe (>= 4.5)
      System.Security.Principal.Windows (>= 4.5)
    Microsoft.AspNetCore.Server.Kestrel (2.1)
      Microsoft.AspNetCore.Hosting (>= 2.1)
      Microsoft.AspNetCore.Server.Kestrel.Core (>= 2.1)
      Microsoft.AspNetCore.Server.Kestrel.Https (>= 2.1)
      Microsoft.AspNetCore.Server.Kestrel.Transport.Sockets (>= 2.1)
    Microsoft.AspNetCore.Server.Kestrel.Core (2.1)
      Microsoft.AspNetCore.Hosting.Abstractions (>= 2.1)
      Microsoft.AspNetCore.Server.Kestrel.Transport.Abstractions (>= 2.1)
      Microsoft.AspNetCore.WebUtilities (>= 2.1)
      Microsoft.Extensions.Configuration.Binder (>= 2.1)
      Microsoft.Extensions.Logging.Abstractions (>= 2.1)
      Microsoft.Extensions.Options (>= 2.1)
      Microsoft.Net.Http.Headers (>= 2.1)
      System.Memory (>= 4.5)
      System.Numerics.Vectors (>= 4.5)
      System.Runtime.CompilerServices.Unsafe (>= 4.5)
      System.Security.Cryptography.Cng (>= 4.5)
      System.Threading.Tasks.Extensions (>= 4.5)
    Microsoft.AspNetCore.Server.Kestrel.Https (2.1)
      Microsoft.AspNetCore.Http.Abstractions (>= 2.1)
      Microsoft.AspNetCore.Server.Kestrel.Core (>= 2.1)
    Microsoft.AspNetCore.Server.Kestrel.Transport.Abstractions (2.1)
      Microsoft.AspNetCore.Connections.Abstractions (>= 2.1)
    Microsoft.AspNetCore.Server.Kestrel.Transport.Sockets (2.1)
      Microsoft.AspNetCore.Hosting.Abstractions (>= 2.1)
      Microsoft.AspNetCore.Server.Kestrel.Transport.Abstractions (>= 2.1)
      Microsoft.Extensions.Options (>= 2.1)
    Microsoft.AspNetCore.SignalR (1.0)
      Microsoft.AspNetCore.Http.Connections (>= 1.0)
      Microsoft.AspNetCore.SignalR.Core (>= 1.0)
    Microsoft.AspNetCore.SignalR.Common (1.0)
      Microsoft.AspNetCore.Connections.Abstractions (>= 2.1)
      Microsoft.Extensions.Options (>= 2.1)
      Newtonsoft.Json (>= 11.0.2)
      System.Buffers (>= 4.5)
    Microsoft.AspNetCore.SignalR.Core (1.0)
      Microsoft.AspNetCore.Authorization (>= 2.1)
      Microsoft.AspNetCore.SignalR.Common (>= 1.0)
      Microsoft.AspNetCore.SignalR.Protocols.Json (>= 1.0)
      Microsoft.Extensions.DependencyInjection.Abstractions (>= 2.1)
      Microsoft.Extensions.Logging.Abstractions (>= 2.1)
      System.Reflection.Emit (>= 4.3)
      System.Threading.Channels (>= 4.5)
    Microsoft.AspNetCore.SignalR.Protocols.Json (1.0)
      Microsoft.AspNetCore.SignalR.Common (>= 1.0)
      Newtonsoft.Json (>= 11.0.2)
    Microsoft.AspNetCore.StaticFiles (2.1)
      Microsoft.AspNetCore.Hosting.Abstractions (>= 2.1)
      Microsoft.AspNetCore.Http.Extensions (>= 2.1)
      Microsoft.Extensions.FileProviders.Abstractions (>= 2.1)
      Microsoft.Extensions.Logging.Abstractions (>= 2.1)
      Microsoft.Extensions.WebEncoders (>= 2.1)
    Microsoft.AspNetCore.WebSockets (2.1)
      Microsoft.AspNetCore.Http.Extensions (>= 2.1)
      Microsoft.Extensions.Options (>= 2.1)
      System.Net.WebSockets.WebSocketProtocol (>= 4.5)
    Microsoft.AspNetCore.WebUtilities (2.1)
      Microsoft.Net.Http.Headers (>= 2.1)
      System.Text.Encodings.Web (>= 4.5)
    Microsoft.Extensions.Configuration (2.1)
      Microsoft.Extensions.Configuration.Abstractions (>= 2.1)
    Microsoft.Extensions.Configuration.Abstractions (2.1)
      Microsoft.Extensions.Primitives (>= 2.1)
    Microsoft.Extensions.Configuration.Binder (2.1)
      Microsoft.Extensions.Configuration (>= 2.1)
    Microsoft.Extensions.Configuration.CommandLine (2.1)
      Microsoft.Extensions.Configuration (>= 2.1)
    Microsoft.Extensions.Configuration.EnvironmentVariables (2.1)
      Microsoft.Extensions.Configuration (>= 2.1)
    Microsoft.Extensions.Configuration.FileExtensions (2.1)
      Microsoft.Extensions.Configuration (>= 2.1)
      Microsoft.Extensions.FileProviders.Physical (>= 2.1)
    Microsoft.Extensions.Configuration.Json (2.1)
      Microsoft.Extensions.Configuration (>= 2.1)
      Microsoft.Extensions.Configuration.FileExtensions (>= 2.1)
      Newtonsoft.Json (>= 11.0.2)
    Microsoft.Extensions.Configuration.UserSecrets (2.1)
      Microsoft.Extensions.Configuration.Json (>= 2.1)
    Microsoft.Extensions.DependencyInjection (2.1)
      Microsoft.Extensions.DependencyInjection.Abstractions (>= 2.1)
    Microsoft.Extensions.DependencyInjection.Abstractions (2.1)
    Microsoft.Extensions.FileProviders.Abstractions (2.1)
      Microsoft.Extensions.Primitives (>= 2.1)
    Microsoft.Extensions.FileProviders.Physical (2.1)
      Microsoft.Extensions.FileProviders.Abstractions (>= 2.1)
      Microsoft.Extensions.FileSystemGlobbing (>= 2.1)
    Microsoft.Extensions.FileSystemGlobbing (2.1)
    Microsoft.Extensions.Hosting.Abstractions (2.1)
      Microsoft.Extensions.Configuration.Abstractions (>= 2.1)
      Microsoft.Extensions.DependencyInjection.Abstractions (>= 2.1)
      Microsoft.Extensions.FileProviders.Abstractions (>= 2.1)
      Microsoft.Extensions.Logging.Abstractions (>= 2.1)
    Microsoft.Extensions.Logging (2.1)
      Microsoft.Extensions.Configuration.Binder (>= 2.1)
      Microsoft.Extensions.DependencyInjection.Abstractions (>= 2.1)
      Microsoft.Extensions.Logging.Abstractions (>= 2.1)
      Microsoft.Extensions.Options (>= 2.1)
    Microsoft.Extensions.Logging.Abstractions (2.1)
    Microsoft.Extensions.Logging.Configuration (2.1)
      Microsoft.Extensions.Logging (>= 2.1)
      Microsoft.Extensions.Options.ConfigurationExtensions (>= 2.1)
    Microsoft.Extensions.Logging.Console (2.1)
      Microsoft.Extensions.Configuration.Abstractions (>= 2.1)
      Microsoft.Extensions.Logging (>= 2.1)
      Microsoft.Extensions.Logging.Configuration (>= 2.1)
    Microsoft.Extensions.Logging.Debug (2.1)
      Microsoft.Extensions.Logging (>= 2.1)
    Microsoft.Extensions.ObjectPool (2.1)
    Microsoft.Extensions.Options (2.1)
      Microsoft.Extensions.DependencyInjection.Abstractions (>= 2.1)
      Microsoft.Extensions.Primitives (>= 2.1)
    Microsoft.Extensions.Options.ConfigurationExtensions (2.1)
      Microsoft.Extensions.Configuration.Abstractions (>= 2.1)
      Microsoft.Extensions.Configuration.Binder (>= 2.1)
      Microsoft.Extensions.DependencyInjection.Abstractions (>= 2.1)
      Microsoft.Extensions.Options (>= 2.1)
    Microsoft.Extensions.Primitives (2.1)
      System.Memory (>= 4.5)
      System.Runtime.CompilerServices.Unsafe (>= 4.5)
    Microsoft.Extensions.WebEncoders (2.1)
      Microsoft.Extensions.DependencyInjection.Abstractions (>= 2.1)
      Microsoft.Extensions.Options (>= 2.1)
      System.Text.Encodings.Web (>= 4.5)
    Microsoft.Net.Http.Headers (2.1)
      Microsoft.Extensions.Primitives (>= 2.1)
      System.Buffers (>= 4.5)
    Microsoft.NETCore.Platforms (2.0)
    Microsoft.NETCore.Targets (1.1)
    Microsoft.Win32.Registry (4.5)
      System.Buffers (>= 4.4) - restriction: || (&& (== netcoreapp2.1) (>= monoandroid) (< netstandard2.0)) (&& (== netcoreapp2.1) (>= monotouch)) (&& (== netcoreapp2.1) (< netcoreapp2.0)) (&& (== netcoreapp2.1) (>= xamarinios)) (&& (== netcoreapp2.1) (>= xamarinmac)) (&& (== netcoreapp2.1) (>= xamarintvos)) (&& (== netcoreapp2.1) (>= xamarinwatchos)) (&& (== netcoreapp3.1) (>= monoandroid) (< netstandard2.0)) (&& (== netcoreapp3.1) (>= monotouch)) (&& (== netcoreapp3.1) (< netcoreapp2.0)) (&& (== netcoreapp3.1) (>= xamarinios)) (&& (== netcoreapp3.1) (>= xamarinmac)) (&& (== netcoreapp3.1) (>= xamarintvos)) (&& (== netcoreapp3.1) (>= xamarinwatchos)) (== netstandard2.0)
      System.Memory (>= 4.5) - restriction: || (&& (== netcoreapp2.1) (< netcoreapp2.0)) (&& (== netcoreapp2.1) (>= uap10.1)) (&& (== netcoreapp3.1) (< netcoreapp2.0)) (&& (== netcoreapp3.1) (< netcoreapp2.1)) (&& (== netcoreapp3.1) (>= uap10.1)) (== netstandard2.0)
      System.Security.AccessControl (>= 4.5)
      System.Security.Principal.Windows (>= 4.5)
    Newtonsoft.Json (11.0.2)
    runtime.debian.8-x64.runtime.native.System.Security.Cryptography.OpenSsl (4.3)
    runtime.fedora.23-x64.runtime.native.System.Security.Cryptography.OpenSsl (4.3)
    runtime.fedora.24-x64.runtime.native.System.Security.Cryptography.OpenSsl (4.3)
    runtime.native.System (4.3)
      Microsoft.NETCore.Platforms (>= 1.1)
      Microsoft.NETCore.Targets (>= 1.1)
    runtime.native.System.Net.Http (4.3)
      Microsoft.NETCore.Platforms (>= 1.1)
      Microsoft.NETCore.Targets (>= 1.1)
    runtime.native.System.Security.Cryptography.Apple (4.3)
      runtime.osx.10.10-x64.runtime.native.System.Security.Cryptography.Apple (>= 4.3)
    runtime.native.System.Security.Cryptography.OpenSsl (4.3)
      runtime.debian.8-x64.runtime.native.System.Security.Cryptography.OpenSsl (>= 4.3)
      runtime.fedora.23-x64.runtime.native.System.Security.Cryptography.OpenSsl (>= 4.3)
      runtime.fedora.24-x64.runtime.native.System.Security.Cryptography.OpenSsl (>= 4.3)
      runtime.opensuse.13.2-x64.runtime.native.System.Security.Cryptography.OpenSsl (>= 4.3)
      runtime.opensuse.42.1-x64.runtime.native.System.Security.Cryptography.OpenSsl (>= 4.3)
      runtime.osx.10.10-x64.runtime.native.System.Security.Cryptography.OpenSsl (>= 4.3)
      runtime.rhel.7-x64.runtime.native.System.Security.Cryptography.OpenSsl (>= 4.3)
      runtime.ubuntu.14.04-x64.runtime.native.System.Security.Cryptography.OpenSsl (>= 4.3)
      runtime.ubuntu.16.04-x64.runtime.native.System.Security.Cryptography.OpenSsl (>= 4.3)
      runtime.ubuntu.16.10-x64.runtime.native.System.Security.Cryptography.OpenSsl (>= 4.3)
    runtime.opensuse.13.2-x64.runtime.native.System.Security.Cryptography.OpenSsl (4.3)
    runtime.opensuse.42.1-x64.runtime.native.System.Security.Cryptography.OpenSsl (4.3)
    runtime.osx.10.10-x64.runtime.native.System.Security.Cryptography.Apple (4.3)
    runtime.osx.10.10-x64.runtime.native.System.Security.Cryptography.OpenSsl (4.3)
    runtime.rhel.7-x64.runtime.native.System.Security.Cryptography.OpenSsl (4.3)
    runtime.ubuntu.14.04-x64.runtime.native.System.Security.Cryptography.OpenSsl (4.3)
    runtime.ubuntu.16.04-x64.runtime.native.System.Security.Cryptography.OpenSsl (4.3)
    runtime.ubuntu.16.10-x64.runtime.native.System.Security.Cryptography.OpenSsl (4.3)
    System.Buffers (4.5)
    System.Collections (4.3)
      Microsoft.NETCore.Platforms (>= 1.1)
      Microsoft.NETCore.Targets (>= 1.1)
      System.Runtime (>= 4.3)
    System.Collections.Concurrent (4.3)
      System.Collections (>= 4.3)
      System.Diagnostics.Debug (>= 4.3)
      System.Diagnostics.Tracing (>= 4.3)
      System.Globalization (>= 4.3)
      System.Reflection (>= 4.3)
      System.Resources.ResourceManager (>= 4.3)
      System.Runtime (>= 4.3)
      System.Runtime.Extensions (>= 4.3)
      System.Threading (>= 4.3)
      System.Threading.Tasks (>= 4.3)
    System.Collections.Immutable (1.5) - restriction: || (&& (== netcoreapp2.1) (>= net45)) (&& (== netcoreapp2.1) (< netstandard1.1)) (&& (== netcoreapp2.1) (< netstandard2.0)) (&& (== netcoreapp3.1) (>= net45)) (&& (== netcoreapp3.1) (< netcoreapp2.1)) (&& (== netcoreapp3.1) (< netstandard1.1)) (&& (== netcoreapp3.1) (< netstandard2.0)) (== netstandard2.0)
    System.Diagnostics.Debug (4.3)
      Microsoft.NETCore.Platforms (>= 1.1)
      Microsoft.NETCore.Targets (>= 1.1)
      System.Runtime (>= 4.3)
    System.Diagnostics.DiagnosticSource (4.5)
    System.Diagnostics.Tools (4.3)
      Microsoft.NETCore.Platforms (>= 1.1)
      Microsoft.NETCore.Targets (>= 1.1)
      System.Runtime (>= 4.3)
    System.Diagnostics.Tracing (4.3)
      Microsoft.NETCore.Platforms (>= 1.1)
      Microsoft.NETCore.Targets (>= 1.1)
      System.Runtime (>= 4.3)
    System.Globalization (4.3)
      Microsoft.NETCore.Platforms (>= 1.1)
      Microsoft.NETCore.Targets (>= 1.1)
      System.Runtime (>= 4.3)
    System.Globalization.Calendars (4.3)
      Microsoft.NETCore.Platforms (>= 1.1)
      Microsoft.NETCore.Targets (>= 1.1)
      System.Globalization (>= 4.3)
      System.Runtime (>= 4.3)
    System.Globalization.Extensions (4.3)
      Microsoft.NETCore.Platforms (>= 1.1)
      System.Globalization (>= 4.3)
      System.Resources.ResourceManager (>= 4.3)
      System.Runtime (>= 4.3)
      System.Runtime.Extensions (>= 4.3)
      System.Runtime.InteropServices (>= 4.3)
    System.IO (4.3)
      Microsoft.NETCore.Platforms (>= 1.1)
      Microsoft.NETCore.Targets (>= 1.1)
      System.Runtime (>= 4.3)
      System.Text.Encoding (>= 4.3)
      System.Threading.Tasks (>= 4.3)
    System.IO.FileSystem (4.3)
      Microsoft.NETCore.Platforms (>= 1.1)
      Microsoft.NETCore.Targets (>= 1.1)
      System.IO (>= 4.3)
      System.IO.FileSystem.Primitives (>= 4.3)
      System.Runtime (>= 4.3)
      System.Runtime.Handles (>= 4.3)
      System.Text.Encoding (>= 4.3)
      System.Threading.Tasks (>= 4.3)
    System.IO.FileSystem.Primitives (4.3)
      System.Runtime (>= 4.3)
    System.IO.Pipelines (4.5)
      System.Buffers (>= 4.4) - restriction: || (&& (== netcoreapp2.1) (>= monotouch)) (&& (== netcoreapp2.1) (>= net46)) (&& (== netcoreapp2.1) (< netcoreapp2.0)) (&& (== netcoreapp2.1) (< netstandard2.0)) (&& (== netcoreapp2.1) (>= xamarinios)) (&& (== netcoreapp2.1) (>= xamarinmac)) (&& (== netcoreapp2.1) (>= xamarintvos)) (&& (== netcoreapp2.1) (>= xamarinwatchos)) (&& (== netcoreapp3.1) (>= monotouch)) (&& (== netcoreapp3.1) (>= net46)) (&& (== netcoreapp3.1) (< netcoreapp2.0)) (&& (== netcoreapp3.1) (< netstandard2.0)) (&& (== netcoreapp3.1) (>= xamarinios)) (&& (== netcoreapp3.1) (>= xamarinmac)) (&& (== netcoreapp3.1) (>= xamarintvos)) (&& (== netcoreapp3.1) (>= xamarinwatchos)) (== netstandard2.0)
      System.Memory (>= 4.5) - restriction: || (&& (== netcoreapp2.1) (>= net46)) (&& (== netcoreapp2.1) (< netcoreapp2.0)) (&& (== netcoreapp2.1) (< netstandard2.0)) (&& (== netcoreapp2.1) (>= uap10.1)) (&& (== netcoreapp3.1) (>= net46)) (&& (== netcoreapp3.1) (< netcoreapp2.0)) (&& (== netcoreapp3.1) (< netcoreapp2.1)) (&& (== netcoreapp3.1) (< netstandard2.0)) (&& (== netcoreapp3.1) (>= uap10.1)) (== netstandard2.0)
      System.Threading.Tasks.Extensions (>= 4.5) - restriction: || (&& (== netcoreapp2.1) (>= monotouch)) (&& (== netcoreapp2.1) (>= net46)) (&& (== netcoreapp2.1) (< netcoreapp2.0)) (&& (== netcoreapp2.1) (< netstandard2.0)) (&& (== netcoreapp2.1) (>= uap10.1)) (&& (== netcoreapp2.1) (>= xamarinios)) (&& (== netcoreapp2.1) (>= xamarinmac)) (&& (== netcoreapp2.1) (>= xamarintvos)) (&& (== netcoreapp2.1) (>= xamarinwatchos)) (&& (== netcoreapp3.1) (>= monotouch)) (&& (== netcoreapp3.1) (>= net46)) (&& (== netcoreapp3.1) (< netcoreapp2.0)) (&& (== netcoreapp3.1) (< netcoreapp2.1)) (&& (== netcoreapp3.1) (< netstandard2.0)) (&& (== netcoreapp3.1) (>= uap10.1)) (&& (== netcoreapp3.1) (>= xamarinios)) (&& (== netcoreapp3.1) (>= xamarinmac)) (&& (== netcoreapp3.1) (>= xamarintvos)) (&& (== netcoreapp3.1) (>= xamarinwatchos)) (== netstandard2.0)
    System.Linq (4.3)
      System.Collections (>= 4.3)
      System.Diagnostics.Debug (>= 4.3)
      System.Resources.ResourceManager (>= 4.3)
      System.Runtime (>= 4.3)
      System.Runtime.Extensions (>= 4.3)
    System.Memory (4.5)
      System.Buffers (>= 4.4) - restriction: || (&& (== netcoreapp2.1) (>= net461)) (&& (== netcoreapp2.1) (< netcoreapp2.0)) (&& (== netcoreapp2.1) (< netstandard1.1)) (&& (== netcoreapp2.1) (< netstandard2.0)) (&& (== netcoreapp3.1) (>= net461)) (&& (== netcoreapp3.1) (< netcoreapp2.0)) (&& (== netcoreapp3.1) (< netstandard1.1)) (&& (== netcoreapp3.1) (< netstandard2.0)) (== netstandard2.0)
      System.Numerics.Vectors (>= 4.4) - restriction: || (&& (== netcoreapp2.1) (>= net461)) (&& (== netcoreapp2.1) (< netcoreapp2.0)) (&& (== netcoreapp3.1) (>= net461)) (&& (== netcoreapp3.1) (< netcoreapp2.0)) (== netstandard2.0)
      System.Runtime.CompilerServices.Unsafe (>= 4.5) - restriction: || (&& (== netcoreapp2.1) (>= net461)) (&& (== netcoreapp2.1) (< netcoreapp2.0)) (&& (== netcoreapp2.1) (< netstandard1.1)) (&& (== netcoreapp2.1) (< netstandard2.0)) (&& (== netcoreapp2.1) (>= uap10.1)) (&& (== netcoreapp3.1) (>= net461)) (&& (== netcoreapp3.1) (< netcoreapp2.0)) (&& (== netcoreapp3.1) (< netcoreapp2.1)) (&& (== netcoreapp3.1) (< netstandard1.1)) (&& (== netcoreapp3.1) (< netstandard2.0)) (&& (== netcoreapp3.1) (>= uap10.1)) (== netstandard2.0)
    System.Net.Http (4.3.2)
      Microsoft.NETCore.Platforms (>= 1.1)
      runtime.native.System (>= 4.3)
      runtime.native.System.Net.Http (>= 4.3)
      runtime.native.System.Security.Cryptography.OpenSsl (>= 4.3)
      System.Collections (>= 4.3)
      System.Diagnostics.Debug (>= 4.3)
      System.Diagnostics.DiagnosticSource (>= 4.3)
      System.Diagnostics.Tracing (>= 4.3)
      System.Globalization (>= 4.3)
      System.Globalization.Extensions (>= 4.3)
      System.IO (>= 4.3)
      System.IO.FileSystem (>= 4.3)
      System.Net.Primitives (>= 4.3)
      System.Resources.ResourceManager (>= 4.3)
      System.Runtime (>= 4.3)
      System.Runtime.Extensions (>= 4.3)
      System.Runtime.Handles (>= 4.3)
      System.Runtime.InteropServices (>= 4.3)
      System.Security.Cryptography.Algorithms (>= 4.3)
      System.Security.Cryptography.Encoding (>= 4.3)
      System.Security.Cryptography.OpenSsl (>= 4.3)
      System.Security.Cryptography.Primitives (>= 4.3)
      System.Security.Cryptography.X509Certificates (>= 4.3)
      System.Text.Encoding (>= 4.3)
      System.Threading (>= 4.3)
      System.Threading.Tasks (>= 4.3)
    System.Net.Primitives (4.3)
      Microsoft.NETCore.Platforms (>= 1.1)
      Microsoft.NETCore.Targets (>= 1.1)
      System.Runtime (>= 4.3)
      System.Runtime.Handles (>= 4.3)
    System.Net.WebSockets.WebSocketProtocol (4.5)
      System.Buffers (>= 4.4) - restriction: || (&& (== netcoreapp2.1) (>= monoandroid) (< netstandard2.0)) (&& (== netcoreapp2.1) (>= monotouch)) (&& (== netcoreapp2.1) (< netcoreapp2.0)) (&& (== netcoreapp2.1) (>= xamarinios)) (&& (== netcoreapp2.1) (>= xamarinmac)) (&& (== netcoreapp2.1) (>= xamarintvos)) (&& (== netcoreapp2.1) (>= xamarinwatchos)) (&& (== netcoreapp3.1) (>= monoandroid) (< netstandard2.0)) (&& (== netcoreapp3.1) (>= monotouch)) (&& (== netcoreapp3.1) (< netcoreapp2.0)) (&& (== netcoreapp3.1) (>= xamarinios)) (&& (== netcoreapp3.1) (>= xamarinmac)) (&& (== netcoreapp3.1) (>= xamarintvos)) (&& (== netcoreapp3.1) (>= xamarinwatchos)) (== netstandard2.0)
      System.Memory (>= 4.5) - restriction: || (&& (== netcoreapp2.1) (< netcoreapp2.0)) (&& (== netcoreapp2.1) (>= uap10.1)) (&& (== netcoreapp3.1) (< netcoreapp2.0)) (&& (== netcoreapp3.1) (< netcoreapp2.1)) (&& (== netcoreapp3.1) (>= uap10.1)) (== netstandard2.0)
      System.Numerics.Vectors (>= 4.4) - restriction: || (&& (== netcoreapp2.1) (< netcoreapp2.0)) (&& (== netcoreapp3.1) (< netcoreapp2.0)) (== netstandard2.0)
      System.Runtime.CompilerServices.Unsafe (>= 4.5) - restriction: || (&& (== netcoreapp2.1) (>= monoandroid) (< netstandard2.0)) (&& (== netcoreapp2.1) (>= monotouch)) (&& (== netcoreapp2.1) (< netcoreapp2.0)) (&& (== netcoreapp2.1) (>= uap10.1)) (&& (== netcoreapp2.1) (>= xamarinios)) (&& (== netcoreapp2.1) (>= xamarinmac)) (&& (== netcoreapp2.1) (>= xamarintvos)) (&& (== netcoreapp2.1) (>= xamarinwatchos)) (&& (== netcoreapp3.1) (>= monoandroid) (< netstandard2.0)) (&& (== netcoreapp3.1) (>= monotouch)) (&& (== netcoreapp3.1) (< netcoreapp2.0)) (&& (== netcoreapp3.1) (< netcoreapp2.1)) (&& (== netcoreapp3.1) (>= uap10.1)) (&& (== netcoreapp3.1) (>= xamarinios)) (&& (== netcoreapp3.1) (>= xamarinmac)) (&& (== netcoreapp3.1) (>= xamarintvos)) (&& (== netcoreapp3.1) (>= xamarinwatchos)) (== netstandard2.0)
      System.Threading.Tasks.Extensions (>= 4.5) - restriction: || (&& (== netcoreapp2.1) (>= monoandroid) (< netstandard2.0)) (&& (== netcoreapp2.1) (>= monotouch)) (&& (== netcoreapp2.1) (< netcoreapp2.0)) (&& (== netcoreapp2.1) (>= uap10.1)) (&& (== netcoreapp2.1) (>= xamarinios)) (&& (== netcoreapp2.1) (>= xamarinmac)) (&& (== netcoreapp2.1) (>= xamarintvos)) (&& (== netcoreapp2.1) (>= xamarinwatchos)) (&& (== netcoreapp3.1) (>= monoandroid) (< netstandard2.0)) (&& (== netcoreapp3.1) (>= monotouch)) (&& (== netcoreapp3.1) (< netcoreapp2.0)) (&& (== netcoreapp3.1) (< netcoreapp2.1)) (&& (== netcoreapp3.1) (>= uap10.1)) (&& (== netcoreapp3.1) (>= xamarinios)) (&& (== netcoreapp3.1) (>= xamarinmac)) (&& (== netcoreapp3.1) (>= xamarintvos)) (&& (== netcoreapp3.1) (>= xamarinwatchos)) (== netstandard2.0)
    System.Numerics.Vectors (4.5)
    System.Reflection (4.3)
      Microsoft.NETCore.Platforms (>= 1.1)
      Microsoft.NETCore.Targets (>= 1.1)
      System.IO (>= 4.3)
      System.Reflection.Primitives (>= 4.3)
      System.Runtime (>= 4.3)
    System.Reflection.Emit (4.3)
      System.IO (>= 4.3)
      System.Reflection (>= 4.3)
      System.Reflection.Emit.ILGeneration (>= 4.3)
      System.Reflection.Primitives (>= 4.3)
      System.Runtime (>= 4.3)
    System.Reflection.Emit.ILGeneration (4.3)
      System.Reflection (>= 4.3)
      System.Reflection.Primitives (>= 4.3)
      System.Runtime (>= 4.3)
    System.Reflection.Metadata (1.6)
      System.Collections.Immutable (>= 1.5) - restriction: || (&& (== netcoreapp2.1) (>= net45)) (&& (== netcoreapp2.1) (< netstandard1.1)) (&& (== netcoreapp2.1) (< netstandard2.0)) (&& (== netcoreapp3.1) (>= net45)) (&& (== netcoreapp3.1) (< netcoreapp2.1)) (&& (== netcoreapp3.1) (< netstandard1.1)) (&& (== netcoreapp3.1) (< netstandard2.0)) (== netstandard2.0)
    System.Reflection.Primitives (4.3)
      Microsoft.NETCore.Platforms (>= 1.1)
      Microsoft.NETCore.Targets (>= 1.1)
      System.Runtime (>= 4.3)
    System.Resources.ResourceManager (4.3)
      Microsoft.NETCore.Platforms (>= 1.1)
      Microsoft.NETCore.Targets (>= 1.1)
      System.Globalization (>= 4.3)
      System.Reflection (>= 4.3)
      System.Runtime (>= 4.3)
    System.Runtime (4.3)
      Microsoft.NETCore.Platforms (>= 1.1)
      Microsoft.NETCore.Targets (>= 1.1)
    System.Runtime.CompilerServices.Unsafe (4.5)
    System.Runtime.Extensions (4.3)
      Microsoft.NETCore.Platforms (>= 1.1)
      Microsoft.NETCore.Targets (>= 1.1)
      System.Runtime (>= 4.3)
    System.Runtime.Handles (4.3)
      Microsoft.NETCore.Platforms (>= 1.1)
      Microsoft.NETCore.Targets (>= 1.1)
      System.Runtime (>= 4.3)
    System.Runtime.InteropServices (4.3)
      Microsoft.NETCore.Platforms (>= 1.1)
      Microsoft.NETCore.Targets (>= 1.1)
      System.Reflection (>= 4.3)
      System.Reflection.Primitives (>= 4.3)
      System.Runtime (>= 4.3)
      System.Runtime.Handles (>= 4.3)
    System.Runtime.Numerics (4.3)
      System.Globalization (>= 4.3)
      System.Resources.ResourceManager (>= 4.3)
      System.Runtime (>= 4.3)
      System.Runtime.Extensions (>= 4.3)
    System.Security.AccessControl (4.5)
      Microsoft.NETCore.Platforms (>= 2.0) - restriction: || (== netcoreapp2.1) (== netcoreapp3.1) (&& (== netstandard2.0) (>= netcoreapp2.0))
      System.Security.Principal.Windows (>= 4.5)
    System.Security.Cryptography.Algorithms (4.3)
      Microsoft.NETCore.Platforms (>= 1.1)
      runtime.native.System.Security.Cryptography.Apple (>= 4.3)
      runtime.native.System.Security.Cryptography.OpenSsl (>= 4.3)
      System.Collections (>= 4.3)
      System.IO (>= 4.3)
      System.Resources.ResourceManager (>= 4.3)
      System.Runtime (>= 4.3)
      System.Runtime.Extensions (>= 4.3)
      System.Runtime.Handles (>= 4.3)
      System.Runtime.InteropServices (>= 4.3)
      System.Runtime.Numerics (>= 4.3)
      System.Security.Cryptography.Encoding (>= 4.3)
      System.Security.Cryptography.Primitives (>= 4.3)
      System.Text.Encoding (>= 4.3)
    System.Security.Cryptography.Cng (4.5)
    System.Security.Cryptography.Csp (4.3)
      Microsoft.NETCore.Platforms (>= 1.1)
      System.IO (>= 4.3)
      System.Reflection (>= 4.3)
      System.Resources.ResourceManager (>= 4.3)
      System.Runtime (>= 4.3)
      System.Runtime.Extensions (>= 4.3)
      System.Runtime.Handles (>= 4.3)
      System.Runtime.InteropServices (>= 4.3)
      System.Security.Cryptography.Algorithms (>= 4.3)
      System.Security.Cryptography.Encoding (>= 4.3)
      System.Security.Cryptography.Primitives (>= 4.3)
      System.Text.Encoding (>= 4.3)
      System.Threading (>= 4.3)
    System.Security.Cryptography.Encoding (4.3)
      Microsoft.NETCore.Platforms (>= 1.1)
      runtime.native.System.Security.Cryptography.OpenSsl (>= 4.3)
      System.Collections (>= 4.3)
      System.Collections.Concurrent (>= 4.3)
      System.Linq (>= 4.3)
      System.Resources.ResourceManager (>= 4.3)
      System.Runtime (>= 4.3)
      System.Runtime.Extensions (>= 4.3)
      System.Runtime.Handles (>= 4.3)
      System.Runtime.InteropServices (>= 4.3)
      System.Security.Cryptography.Primitives (>= 4.3)
      System.Text.Encoding (>= 4.3)
    System.Security.Cryptography.OpenSsl (4.3)
      runtime.native.System.Security.Cryptography.OpenSsl (>= 4.3)
      System.Collections (>= 4.3)
      System.IO (>= 4.3)
      System.Resources.ResourceManager (>= 4.3)
      System.Runtime (>= 4.3)
      System.Runtime.Extensions (>= 4.3)
      System.Runtime.Handles (>= 4.3)
      System.Runtime.InteropServices (>= 4.3)
      System.Runtime.Numerics (>= 4.3)
      System.Security.Cryptography.Algorithms (>= 4.3)
      System.Security.Cryptography.Encoding (>= 4.3)
      System.Security.Cryptography.Primitives (>= 4.3)
      System.Text.Encoding (>= 4.3)
    System.Security.Cryptography.Pkcs (4.5)
      System.Buffers (>= 4.4) - restriction: || (&& (== netcoreapp2.1) (>= monoandroid) (< netstandard2.0)) (&& (== netcoreapp2.1) (>= monotouch)) (&& (== netcoreapp2.1) (< netcoreapp2.0)) (&& (== netcoreapp2.1) (>= xamarinios)) (&& (== netcoreapp2.1) (>= xamarinmac)) (&& (== netcoreapp2.1) (>= xamarintvos)) (&& (== netcoreapp2.1) (>= xamarinwatchos)) (&& (== netcoreapp3.1) (>= monoandroid) (< netstandard2.0)) (&& (== netcoreapp3.1) (>= monotouch)) (&& (== netcoreapp3.1) (< netcoreapp2.0)) (&& (== netcoreapp3.1) (>= xamarinios)) (&& (== netcoreapp3.1) (>= xamarinmac)) (&& (== netcoreapp3.1) (>= xamarintvos)) (&& (== netcoreapp3.1) (>= xamarinwatchos)) (== netstandard2.0)
      System.Memory (>= 4.5) - restriction: || (&& (== netcoreapp2.1) (< netcoreapp2.0)) (&& (== netcoreapp2.1) (>= uap10.1)) (&& (== netcoreapp3.1) (< netcoreapp2.0)) (&& (== netcoreapp3.1) (< netcoreapp2.1)) (&& (== netcoreapp3.1) (>= uap10.1)) (== netstandard2.0)
      System.Security.Cryptography.Cng (>= 4.4) - restriction: || (&& (== netcoreapp2.1) (< netcoreapp2.0)) (&& (== netcoreapp3.1) (< netcoreapp2.0)) (&& (== netcoreapp3.1) (< netcoreapp2.1)) (== netstandard2.0)
      System.Security.Cryptography.Cng (>= 4.5) - restriction: || (== netcoreapp2.1) (== netcoreapp3.1) (&& (== netstandard2.0) (>= netcoreapp2.1))
    System.Security.Cryptography.Primitives (4.3)
      System.Diagnostics.Debug (>= 4.3)
      System.Globalization (>= 4.3)
      System.IO (>= 4.3)
      System.Resources.ResourceManager (>= 4.3)
      System.Runtime (>= 4.3)
      System.Threading (>= 4.3)
      System.Threading.Tasks (>= 4.3)
    System.Security.Cryptography.X509Certificates (4.3)
      Microsoft.NETCore.Platforms (>= 1.1)
      runtime.native.System (>= 4.3)
      runtime.native.System.Net.Http (>= 4.3)
      runtime.native.System.Security.Cryptography.OpenSsl (>= 4.3)
      System.Collections (>= 4.3)
      System.Diagnostics.Debug (>= 4.3)
      System.Globalization (>= 4.3)
      System.Globalization.Calendars (>= 4.3)
      System.IO (>= 4.3)
      System.IO.FileSystem (>= 4.3)
      System.IO.FileSystem.Primitives (>= 4.3)
      System.Resources.ResourceManager (>= 4.3)
      System.Runtime (>= 4.3)
      System.Runtime.Extensions (>= 4.3)
      System.Runtime.Handles (>= 4.3)
      System.Runtime.InteropServices (>= 4.3)
      System.Runtime.Numerics (>= 4.3)
      System.Security.Cryptography.Algorithms (>= 4.3)
      System.Security.Cryptography.Cng (>= 4.3)
      System.Security.Cryptography.Csp (>= 4.3)
      System.Security.Cryptography.Encoding (>= 4.3)
      System.Security.Cryptography.OpenSsl (>= 4.3)
      System.Security.Cryptography.Primitives (>= 4.3)
      System.Text.Encoding (>= 4.3)
      System.Threading (>= 4.3)
    System.Security.Cryptography.Xml (4.5)
      System.Security.Cryptography.Pkcs (>= 4.5)
      System.Security.Permissions (>= 4.5)
    System.Security.Permissions (4.5)
      System.Security.AccessControl (>= 4.5)
    System.Security.Principal.Windows (4.5)
      Microsoft.NETCore.Platforms (>= 2.0) - restriction: || (== netcoreapp2.1) (== netcoreapp3.1) (&& (== netstandard2.0) (>= netcoreapp2.0))
    System.Text.Encoding (4.3)
      Microsoft.NETCore.Platforms (>= 1.1)
      Microsoft.NETCore.Targets (>= 1.1)
      System.Runtime (>= 4.3)
    System.Text.Encoding.Extensions (4.3)
      Microsoft.NETCore.Platforms (>= 1.1)
      Microsoft.NETCore.Targets (>= 1.1)
      System.Runtime (>= 4.3)
      System.Text.Encoding (>= 4.3)
    System.Text.Encodings.Web (4.5)
    System.Text.RegularExpressions (4.3)
      System.Collections (>= 4.3) - restriction: || (&& (== netcoreapp2.1) (< netcoreapp1.1)) (&& (== netcoreapp3.1) (< netcoreapp1.1)) (== netstandard2.0)
      System.Globalization (>= 4.3) - restriction: || (&& (== netcoreapp2.1) (< netcoreapp1.1)) (&& (== netcoreapp3.1) (< netcoreapp1.1)) (== netstandard2.0)
      System.Resources.ResourceManager (>= 4.3) - restriction: || (&& (== netcoreapp2.1) (< netcoreapp1.1)) (&& (== netcoreapp3.1) (< netcoreapp1.1)) (== netstandard2.0)
      System.Runtime (>= 4.3)
      System.Runtime.Extensions (>= 4.3) - restriction: || (&& (== netcoreapp2.1) (< netcoreapp1.1)) (&& (== netcoreapp3.1) (< netcoreapp1.1)) (== netstandard2.0)
      System.Threading (>= 4.3) - restriction: || (&& (== netcoreapp2.1) (< netcoreapp1.1)) (&& (== netcoreapp3.1) (< netcoreapp1.1)) (== netstandard2.0)
    System.Threading (4.3)
      System.Runtime (>= 4.3)
      System.Threading.Tasks (>= 4.3)
    System.Threading.Channels (4.5)
      System.Threading.Tasks.Extensions (>= 4.5) - restriction: || (&& (== netcoreapp2.1) (>= net46)) (&& (== netcoreapp2.1) (< netstandard2.0)) (&& (== netcoreapp3.1) (>= net46)) (&& (== netcoreapp3.1) (< netcoreapp2.1)) (&& (== netcoreapp3.1) (< netstandard2.0)) (== netstandard2.0)
    System.Threading.Tasks (4.3)
      Microsoft.NETCore.Platforms (>= 1.1)
      Microsoft.NETCore.Targets (>= 1.1)
      System.Runtime (>= 4.3)
    System.Threading.Tasks.Extensions (4.5)
      System.Runtime.CompilerServices.Unsafe (>= 4.5) - restriction: || (&& (== netcoreapp2.1) (>= net45)) (&& (== netcoreapp2.1) (< netstandard1.0)) (&& (== netcoreapp2.1) (< netstandard2.0)) (&& (== netcoreapp2.1) (>= wp8)) (&& (== netcoreapp3.1) (>= net45)) (&& (== netcoreapp3.1) (< netcoreapp2.1)) (&& (== netcoreapp3.1) (< netstandard1.0)) (&& (== netcoreapp3.1) (< netstandard2.0)) (&& (== netcoreapp3.1) (>= wp8)) (== netstandard2.0)
    System.Xml.ReaderWriter (4.3)
      System.Collections (>= 4.3)
      System.Diagnostics.Debug (>= 4.3)
      System.Globalization (>= 4.3)
      System.IO (>= 4.3)
      System.IO.FileSystem (>= 4.3)
      System.IO.FileSystem.Primitives (>= 4.3)
      System.Resources.ResourceManager (>= 4.3)
      System.Runtime (>= 4.3)
      System.Runtime.Extensions (>= 4.3)
      System.Runtime.InteropServices (>= 4.3)
      System.Text.Encoding (>= 4.3)
      System.Text.Encoding.Extensions (>= 4.3)
      System.Text.RegularExpressions (>= 4.3)
      System.Threading.Tasks (>= 4.3)
      System.Threading.Tasks.Extensions (>= 4.3)
    System.Xml.XDocument (4.3)
      System.Collections (>= 4.3)
      System.Diagnostics.Debug (>= 4.3)
      System.Diagnostics.Tools (>= 4.3)
      System.Globalization (>= 4.3)
      System.IO (>= 4.3)
      System.Reflection (>= 4.3)
      System.Resources.ResourceManager (>= 4.3)
      System.Runtime (>= 4.3)
      System.Runtime.Extensions (>= 4.3)
      System.Text.Encoding (>= 4.3)
      System.Threading (>= 4.3)
      System.Xml.ReaderWriter (>= 4.3)
    System.Xml.XmlDocument (4.3)
      System.Collections (>= 4.3)
      System.Diagnostics.Debug (>= 4.3)
      System.Globalization (>= 4.3)
      System.IO (>= 4.3)
      System.Resources.ResourceManager (>= 4.3)
      System.Runtime (>= 4.3)
      System.Runtime.Extensions (>= 4.3)
      System.Text.Encoding (>= 4.3)
      System.Threading (>= 4.3)
      System.Xml.ReaderWriter (>= 4.3)
    System.Xml.XPath (4.3)
      System.Collections (>= 4.3)
      System.Diagnostics.Debug (>= 4.3)
      System.Globalization (>= 4.3)
      System.IO (>= 4.3)
      System.Resources.ResourceManager (>= 4.3)
      System.Runtime (>= 4.3)
      System.Runtime.Extensions (>= 4.3)
      System.Threading (>= 4.3)
      System.Xml.ReaderWriter (>= 4.3)
    System.Xml.XPath.XmlDocument (4.3)
      System.Collections (>= 4.3)
      System.Globalization (>= 4.3)
      System.IO (>= 4.3)
      System.Resources.ResourceManager (>= 4.3)
      System.Runtime (>= 4.3)
      System.Runtime.Extensions (>= 4.3)
      System.Threading (>= 4.3)
      System.Xml.ReaderWriter (>= 4.3)
      System.Xml.XmlDocument (>= 4.3)
      System.Xml.XPath (>= 4.3)
  remote: https://daily.websharper.com/nuget
    WebSharper (4.6.1.381)
      FSharp.Core (>= 4.2.3)
    WebSharper.FSharp (4.6.1.381)
      WebSharper (4.6.1.381)
    WebSharper.UI (4.6.1.207)
      HtmlAgilityPack (>= 1.7.1)
      System.Xml.XDocument (>= 4.3)
      WebSharper (>= 4.6.1 < 4.7)

GROUP build
RESTRICTION: == net45
NUGET
  remote: https://api.nuget.org/v3/index.json
    Chessie (0.6)
      FSharp.Core
    FAKE (5.16)
    FSharp.Compiler.Tools (10.2.3)
    FSharp.Core (4.7)
    Mono.Cecil (0.11.2)
    Newtonsoft.Json (12.0.3)
    Paket.Core (5.242.2)
      Chessie (>= 0.6)
      FSharp.Compiler.Tools
      FSharp.Core (> 4.3)
      Mono.Cecil (>= 0.10.0-beta6)
      Newtonsoft.Json

GROUP wsbuild

GIT
  remote: https://github.com/dotnet-websharper/build-script
     (90eb54d1b2a21f568f22409b47814a7cf215900d)